GEM
  remote: http://rubygems.org/
  specs:
    bson (1.4.0)
    mongo (1.3.1)
      bson (>= 1.3.1)
    rack (1.6.12)
    sinatra (1.2.6)
      rack (~> 1.1)
      tilt (>= 1.2.2, < 2.0)
    tilt (1.2.2)

PLATFORMS
  ruby

DEPENDENCIES
  mongo (~> 1.3.1)
  sinatra (~> 1.2.6)
  tilt (= 1.2.2)
